GEM
  remote: http://rubygems.org/
  specs:
    awesome_print (1.0.2)
    rake (12.3.3)
    xml-simple (1.1.1)

PLATFORMS
  ruby

DEPENDENCIES
  awesome_print
  rake
  xml-simple
